GEM
  remote: http://rubygems.org/
  specs:
    builder (3.0.0)
    ffi (1.0.10)
    ffi (1.0.10-java)
    guard (0.8.8)
      thor (~> 0.14.6)
    guard-minitest (0.4.0)
      guard (~> 0.4)
    guard-process (1.0.2)
      ffi (~> 1.0.9)
      guard (>= 0.4.2)
      spoon (~> 0.0.1)
    minitest (2.7.0)
    nokogiri (1.5.0)
    nokogiri (1.5.0-java)
    rack (1.3.5)
    rack-protection (1.1.4)
      rack
    rack-test (0.6.1)
      rack (>= 1.0)
    rake (0.9.2.2)
    sinatra (1.3.1)
      rack (~> 1.3, >= 1.3.4)
      rack-protection (~> 1.1, >= 1.1.2)
      tilt (~> 1.3, >= 1.3.3)
    spoon (0.0.1)
    thor (0.14.6)
    tilt (1.3.3)

PLATFORMS
  java
  ruby

DEPENDENCIES
  builder
  guard
  guard-minitest
  guard-process
  minitest
  nokogiri
  rack-test
  rake
  sinatra
